GEM
  remote: http://rubygems.org/
  specs:
    aws-s3 (0.6.2)
      builder
      mime-types
      xml-simple
    bson (1.2.4)
    builder (3.0.0)
    carrot (0.8.1)
    diff-lcs (1.1.3)
    execjs (1.4.0)
      multi_json (~> 1.0)
    json (1.4.6)
    mime-types (1.18)
    mongo (1.2.4)
      bson (>= 1.2.4)
    multi_json (1.3.6)
    mysql2 (0.3.2)
    pg (0.11.0)
    rack (1.2.2)
    redis (2.2.0)
    rspec (2.11.0)
      rspec-core (~> 2.11.0)
      rspec-expectations (~> 2.11.0)
      rspec-mocks (~> 2.11.0)
    rspec-core (2.11.1)
    rspec-expectations (2.11.1)
      diff-lcs (~> 1.1.3)
    rspec-mocks (2.11.1)
    rubyzip (0.9.9)
    sinatra (1.2.6)
      rack (~> 1.1)
      tilt (>= 1.2.2, < 2.0)
    thor (0.15.4)
    tilt (1.3)
    uglifier (1.2.6)
      execjs (>= 0.3.0)
      multi_json (~> 1.3)
    xml-simple (1.1.1)
    yajl-ruby (0.8.3)

PLATFORMS
  ruby

DEPENDENCIES
  aws-s3
  carrot
  json
  mongo
  mysql2
  pg
  redis
  rspec
  rubyzip
  sinatra
  thor
  uglifier
  yajl-ruby
