GEM
  remote: http://rubygems.org/
  specs:
    aws-s3 (0.6.3)
      builder
      mime-types
      xml-simple
    bson (1.6.4)
    builder (3.0.0)
    carrot (1.2.0)
    json (1.7.3)
    mime-types (1.19)
    mongo (1.6.4)
      bson (~> 1.6.4)
    mysql2 (0.3.11-x86-mingw32)
    pg (0.14.0-x86-mingw32)
    rack (1.4.1)
    rack-protection (1.2.0)
      rack
    redis (3.0.1)
    sinatra (1.3.2)
      rack (~> 1.3, >= 1.3.6)
      rack-protection (~> 1.2)
      tilt (~> 1.3, >= 1.3.3)
    tilt (1.3.3)
    xml-simple (1.1.1)
    yajl-ruby (0.8.3)

PLATFORMS
  x86-mingw32

DEPENDENCIES
  aws-s3
  carrot
  json
  mongo
  mysql2
  pg
  redis
  sinatra
  yajl-ruby
