GEM
  remote: http://rubygems.org/
  specs:
    bson (1.5.1)
    carrot (0.8.1)
    eventmachine (0.12.10)
    json_pure (1.6.2)
    rack (1.3.5)
    rack-protection (1.1.4)
      rack
    redis (1.0.7)
    sinatra (1.3.1)
      rack (~> 1.3, >= 1.3.4)
      rack-protection (~> 1.1, >= 1.1.2)
      tilt (~> 1.3, >= 1.3.3)
    tilt (1.3.3)

PLATFORMS
  ruby

DEPENDENCIES
  carrot
  json_pure
  sinatra
