GEM
  remote: http://rubygems.org/
  specs:
    json (1.4.6)
    pg (0.11.0)
    rack (1.2.2)
    sinatra (1.2.6)
      rack (~> 1.1)
      tilt (>= 1.2.2, < 2.0)
    tilt (1.3)
    yajl-ruby (1.0.0)

PLATFORMS
  ruby

DEPENDENCIES
  json
  pg
  sinatra
  yajl-ruby
