GEM
  remote: http://rubygems.org/
  specs:
    bson (1.6.2)
    eventmachine (0.12.10)
    json (1.4.6)
    mongo (1.6.2)
      bson (~> 1.6.2)
    mysql2 (0.3.11)
    pg (0.11.0)
    rack (1.2.2)
    sinatra (1.2.6)
      rack (~> 1.1)
      tilt (>= 1.2.2, < 2.0)
    tilt (1.3)
    yajl-ruby (1.0.0)

PLATFORMS
  ruby

DEPENDENCIES
  eventmachine
  json
  mongo
  mysql2
  pg
  sinatra
  yajl-ruby
