GEM
  remote: http://rubygems.org/
  specs:
    bson (1.2.4)
    carrot (0.8.1)
    json (1.4.6)
    mongo (1.2.4)
      bson (>= 1.2.4)
    mysql2 (0.3.2)
    pg (0.11.0)
    rack (1.2.2)
    redis (1.0.7)
    sinatra (1.2.6)
      rack (~> 1.1)
      tilt (>= 1.2.2, < 2.0)
    tilt (1.3)

PLATFORMS
  ruby

DEPENDENCIES
  carrot
  json
  mongo
  mysql2
  pg
  redis
  sinatra
