GEM
  remote: http://rubygems.org/
  specs:
    mini_magick (3.4)
      subexec (~> 0.2.1)
    rack (1.4.1)
    rack-protection (1.2.0)
      rack
    rmagick (2.13.1)
    sinatra (1.3.2)
      rack (~> 1.3, >= 1.3.6)
      rack-protection (~> 1.2)
      tilt (~> 1.3, >= 1.3.3)
    subexec (0.2.2)
    tilt (1.3.3)

PLATFORMS
  ruby

DEPENDENCIES
  mini_magick
  rmagick
  sinatra
