GEM
  remote: http://rubygems.org/
  specs:
    abstract (1.0.0)
    actionmailer (3.0.6)
      actionpack (= 3.0.6)
      mail (~> 2.2.15)
    actionpack (3.0.6)
      activemodel (= 3.0.6)
      activesupport (= 3.0.6)
      builder (~> 2.1.2)
      erubis (~> 2.6.6)
      i18n (~> 0.5.0)
      rack (~> 1.2.1)
      rack-mount (~> 0.6.14)
      rack-test (~> 0.5.7)
      tzinfo (~> 0.3.23)
    activemodel (3.0.6)
      activesupport (= 3.0.6)
      builder (~> 2.1.2)
      i18n (~> 0.5.0)
    activerecord (3.0.6)
      activemodel (= 3.0.6)
      activesupport (= 3.0.6)
      arel (~> 2.0.2)
      tzinfo (~> 0.3.23)
    activeresource (3.0.6)
      activemodel (= 3.0.6)
      activesupport (= 3.0.6)
    activesupport (3.0.6)
    arel (2.0.9)
    bson (1.2.4)
    builder (2.1.2)
    carrot (0.8.1)
    cf-runtime (0.0.1)
    daemons (1.1.2)
    erubis (2.6.6)
      abstract (>= 1.0.0)
    eventmachine (0.12.10)
    i18n (0.5.0)
    json (1.5.1)
    mail (2.2.15)
      activesupport (>= 2.3.6)
      i18n (>= 0.4.0)
      mime-types (~> 1.16)
      treetop (~> 1.4.8)
    mime-types (1.16)
    mongo (1.2.4)
      bson (>= 1.2.4)
    mongo_mapper (0.9.0)
      activemodel (~> 3.0.0)
      activesupport (~> 3.0.0)
      plucky (~> 0.3.6)
    mysql2 (0.2.7)
    pg (0.11.0)
    plucky (0.3.7)
      mongo (~> 1.1)
    polyglot (0.3.1)
    rack (1.2.2)
    rack-mount (0.6.14)
      rack (>= 1.0.0)
    rack-test (0.5.7)
      rack (>= 1.0)
    rails (3.0.6)
      actionmailer (= 3.0.6)
      actionpack (= 3.0.6)
      activerecord (= 3.0.6)
      activeresource (= 3.0.6)
      activesupport (= 3.0.6)
      bundler (~> 1.0)
      railties (= 3.0.6)
    railties (3.0.6)
      actionpack (= 3.0.6)
      activesupport (= 3.0.6)
      rake (>= 0.8.7)
      thor (~> 0.14.4)
    rake (0.8.7)
    redis (2.2.0)
    sqlite3 (1.3.3)
    thin (1.2.11)
      daemons (>= 1.0.9)
      eventmachine (>= 0.12.6)
      rack (>= 1.0.0)
    thor (0.14.6)
    treetop (1.4.9)
      polyglot (>= 0.3.1)
    tzinfo (0.3.26)

PLATFORMS
  ruby

DEPENDENCIES
  carrot
  cf-runtime
  json
  mongo
  mongo_mapper
  mysql2
  pg
  rails (~> 3.0.5)
  redis
  sqlite3
  thin
