GEM
  remote: http://rubygems.org/
  specs:
    amq-client (0.8.6)
      amq-protocol (>= 0.8.4)
      eventmachine
    amq-protocol (0.8.4)
    amqp (0.7.5)
      amq-client (~> 0.8.6)
      amq-protocol (~> 0.8.4)
      eventmachine
    bson (1.5.1)
    eventmachine (0.12.10)
    json_pure (1.6.2)
    mongo (1.5.1)
      bson (= 1.5.1)
    mysql2 (0.3.10)
    pg (0.11.0)
    rack (1.3.5)
    rack-protection (1.1.4)
      rack
    redis (1.0.7)
    sinatra (1.3.1)
      rack (~> 1.3, >= 1.3.4)
      rack-protection (~> 1.1, >= 1.1.2)
      tilt (~> 1.3, >= 1.3.3)
    tilt (1.3.3)

PLATFORMS
  ruby

DEPENDENCIES
  amqp
  json_pure
  mongo
  mysql2
  pg
  redis
  sinatra
